GEM
  remote: https://rubygems.org/
  remote: https://gem.fury.io/engineerai/
  specs:
    aasm (5.3.0)
      concurrent-ruby (~> 1.0)
    ace-rails-ap (4.4)
    actioncable (6.0.3.6)
      actionpack (= 6.0.3.6)
      nio4r (~> 2.0)
      websocket-driver (>= 0.6.1)
    actionmailbox (6.0.3.6)
      actionpack (= 6.0.3.6)
      activejob (= 6.0.3.6)
      activerecord (= 6.0.3.6)
      activestorage (= 6.0.3.6)
      activesupport (= 6.0.3.6)
      mail (>= 2.7.1)
    actionmailer (6.0.3.6)
      actionpack (= 6.0.3.6)
      actionview (= 6.0.3.6)
      activejob (= 6.0.3.6)
      mail (~> 2.5, >= 2.5.4)
      rails-dom-testing (~> 2.0)
    actionpack (6.0.3.6)
      actionview (= 6.0.3.6)
      activesupport (= 6.0.3.6)
      rack (~> 2.0, >= 2.0.8)
      rack-test (>= 0.6.3)
      rails-dom-testing (~> 2.0)
      rails-html-sanitizer (~> 1.0, >= 1.2.0)
    actiontext (6.0.3.6)
      actionpack (= 6.0.3.6)
      activerecord (= 6.0.3.6)
      activestorage (= 6.0.3.6)
      activesupport (= 6.0.3.6)
      nokogiri (>= 1.8.5)
    actionview (6.0.3.6)
      activesupport (= 6.0.3.6)
      builder (~> 3.1)
      erubi (~> 1.4)
      rails-dom-testing (~> 2.0)
      rails-html-sanitizer (~> 1.1, >= 1.2.0)
    active_admin_datetimepicker (1.0.0)
      activeadmin (>= 2.0, < 3.a)
    active_admin_role (0.2.2)
      activeadmin (>= 1.2.0)
      cancancan (>= 1.15.0)
      railties (>= 5.0.0)
    active_material (1.5.2)
    active_storage_validations (0.9.8)
      activejob (>= 5.2.0)
      activemodel (>= 5.2.0)
      activestorage (>= 5.2.0)
      activesupport (>= 5.2.0)
    activeadmin (2.9.0)
      arbre (~> 1.2, >= 1.2.1)
      formtastic (>= 3.1, < 5.0)
      formtastic_i18n (~> 0.4)
      inherited_resources (~> 1.7)
      jquery-rails (~> 4.2)
      kaminari (~> 1.0, >= 1.2.1)
      railties (>= 5.2, < 6.2)
      ransack (~> 2.1, >= 2.1.1)
    activeadmin-searchable_select (1.6.0)
      activeadmin (>= 1.x, < 3)
      jquery-rails (>= 3.0, < 5)
      select2-rails (~> 4.0)
    activeadmin_addons (1.8.3)
      active_material
      railties
      require_all
      sassc
      sassc-rails
      xdan-datetimepicker-rails (~> 2.5.1)
    activeadmin_json_editor (0.0.10)
      ace-rails-ap
      railties (>= 3.0)
    activeadmin_quill_editor (1.0.0)
      activeadmin (~> 2.0)
    activejob (6.0.3.6)
      activesupport (= 6.0.3.6)
      globalid (>= 0.3.6)
    activemodel (6.0.3.6)
      activesupport (= 6.0.3.6)
    activerecord (6.0.3.6)
      activemodel (= 6.0.3.6)
      activesupport (= 6.0.3.6)
    activestorage (6.0.3.6)
      actionpack (= 6.0.3.6)
      activejob (= 6.0.3.6)
      activerecord (= 6.0.3.6)
      marcel (~> 1.0.0)
    activesupport (6.0.3.6)
      concurrent-ruby (~> 1.0, >= 1.0.2)
      i18n (>= 0.7, < 2)
      minitest (~> 5.1)
      tzinfo (~> 1.1)
      zeitwerk (~> 2.2, >= 2.2.2)
    addressable (2.8.0)
      public_suffix (>= 2.0.2, < 5.0)
    aes_key_wrap (1.1.0)
    analytics-ruby (2.4.0)
    anyway_config (2.3.0)
      ruby-next-core (>= 0.14.0)
    arbre (1.5.0)
      activesupport (>= 3.0.0, < 7.1)
      ruby2_keywords (>= 0.0.2, < 1.0)
    arctic_admin (3.3.0)
      activeadmin (>= 1.1.0, < 3.0)
      font-awesome-sass (~> 5.0)
      jquery-rails
    aws-eventstream (1.2.0)
    aws-partitions (1.619.0)
    aws-sdk-core (3.132.0)
      aws-eventstream (~> 1, >= 1.0.2)
      aws-partitions (~> 1, >= 1.525.0)
      aws-sigv4 (~> 1.1)
      jmespath (~> 1, >= 1.6.1)
    aws-sdk-kms (1.58.0)
      aws-sdk-core (~> 3, >= 3.127.0)
      aws-sigv4 (~> 1.1)
    aws-sdk-s3 (1.114.0)
      aws-sdk-core (~> 3, >= 3.127.0)
      aws-sdk-kms (~> 1)
      aws-sigv4 (~> 1.4)
    aws-sigv4 (1.5.1)
      aws-eventstream (~> 1, >= 1.0.2)
    bcrypt (3.1.18)
    bindata (2.4.10)
    builder (3.2.4)
    builder_base (0.0.47)
      fast_jsonapi
      jsonapi.rb
      rails (= 6.0.3.6)
    bx_block_cors (0.0.2)
      builder_base
    byebug (11.1.3)
    cancancan (3.4.0)
    chunky_png (1.4.0)
    ckeditor (4.2.4)
      cocaine
      orm_adapter (~> 0.5.0)
    climate_control (0.2.0)
    cocaine (0.6.0)
      terrapin (= 0.6.0)
    concurrent-ruby (1.1.10)
    connection_pool (2.2.5)
    countries (4.2.3)
      i18n_data (~> 0.16.0)
      sixarm_ruby_unaccent (~> 1.1)
    crass (1.0.6)
    devise (4.8.1)
      bcrypt (~> 3.0)
      orm_adapter (~> 0.1)
      railties (>= 4.1.0)
      responders
      warden (~> 1.2.3)
    dotenv (2.8.1)
    dotenv-rails (2.8.1)
      dotenv (= 2.8.1)
      railties (>= 3.2)
    dry-initializer (3.0.4)
    erubi (1.11.0)
    faraday (2.5.2)
      faraday-net_http (>= 2.0, < 3.1)
      ruby2_keywords (>= 0.0.4)
    faraday-net_http (3.0.0)
    fast_jsonapi (1.5)
      activesupport (>= 4.2)
    fcm (1.0.8)
      faraday (>= 1.0.0, < 3.0)
      googleauth (~> 1)
    ffi (1.15.5)
    font-awesome-sass (5.15.1)
      sassc (>= 1.11)
    formtastic (4.0.0)
      actionpack (>= 5.2.0)
    formtastic_i18n (0.7.0)
    friendly_id (5.4.2)
      activerecord (>= 4.0.0)
    globalid (1.0.0)
      activesupport (>= 5.0)
    googleauth (1.2.0)
      faraday (>= 0.17.3, < 3.a)
      jwt (>= 1.4, < 3.0)
      memoist (~> 0.16)
      multi_json (~> 1.11)
      os (>= 0.9, < 2.0)
      signet (>= 0.16, < 2.a)
    haml (5.2.2)
      temple (>= 0.8.0)
      tilt
    has_scope (0.8.0)
      actionpack (>= 5.2)
      activesupport (>= 5.2)
    hashie (5.0.0)
    httparty (0.20.0)
      mime-types (~> 3.0)
      multi_xml (>= 0.5.2)
    httpclient (2.8.3)
    humanize (2.5.1)
    i18n (1.12.0)
      concurrent-ruby (~> 1.0)
    i18n_data (0.16.0)
      simple_po_parser (~> 1.1)
    image_processing (1.12.2)
      mini_magick (>= 4.9.5, < 5)
      ruby-vips (>= 2.0.17, < 3)
    inherited_resources (1.13.1)
      actionpack (>= 5.2, < 7.1)
      has_scope (~> 0.6)
      railties (>= 5.2, < 7.1)
      responders (>= 2, < 4)
    jmespath (1.6.1)
    jquery-rails (4.5.0)
      rails-dom-testing (>= 1, < 3)
      railties (>= 4.2.0)
      thor (>= 0.14, < 2.0)
    json (2.6.2)
    json-jwt (1.15.2)
      activesupport (>= 4.2)
      aes_key_wrap
      bindata
      httpclient
    jsonapi-serializer (2.2.0)
      activesupport (>= 4.2)
    jsonapi.rb (2.0.0)
      jsonapi-serializer
      rack
    jwt (2.4.1)
    kaminari (1.2.2)
      activesupport (>= 4.1.0)
      kaminari-actionview (= 1.2.2)
      kaminari-activerecord (= 1.2.2)
      kaminari-core (= 1.2.2)
    kaminari-actionview (1.2.2)
      actionview
      kaminari-core (= 1.2.2)
    kaminari-activerecord (1.2.2)
      activerecord
      kaminari-core (= 1.2.2)
    kaminari-core (1.2.2)
    loofah (2.18.0)
      crass (~> 1.0.2)
      nokogiri (>= 1.5.9)
    mail (2.7.1)
      mini_mime (>= 0.1.1)
    marcel (1.0.2)
    memoist (0.16.2)
    method_source (1.0.0)
    mime-types (3.4.1)
      mime-types-data (~> 3.2015)
    mime-types-data (3.2022.0105)
    mini_magick (4.11.0)
    mini_mime (1.1.2)
    minitest (5.16.2)
    multi_json (1.15.0)
    multi_xml (0.6.0)
    nio4r (2.5.8)
    nokogiri (1.13.8-x86_64-linux)
      racc (~> 1.4)
    oauth2 (2.0.6)
      faraday (>= 0.17.3, < 3.0)
      jwt (>= 1.0, < 3.0)
      multi_xml (~> 0.5)
      rack (>= 1.2, < 3)
      rash_alt (>= 0.4, < 1)
      version_gem (~> 1.1)
    orm_adapter (0.5.0)
    os (1.1.4)
    pg (1.4.3)
    phonelib (0.7.1)
    prometheus-client (2.1.0)
    public_suffix (4.0.7)
    puma (4.3.12)
      nio4r (~> 2.0)
    racc (1.6.0)
    rack (2.2.4)
    rack-cors (1.1.1)
      rack (>= 2.0.0)
    rack-test (2.0.2)
      rack (>= 1.3)
    rails (6.0.3.6)
      actioncable (= 6.0.3.6)
      actionmailbox (= 6.0.3.6)
      actionmailer (= 6.0.3.6)
      actionpack (= 6.0.3.6)
      actiontext (= 6.0.3.6)
      actionview (= 6.0.3.6)
      activejob (= 6.0.3.6)
      activemodel (= 6.0.3.6)
      activerecord (= 6.0.3.6)
      activestorage (= 6.0.3.6)
      activesupport (= 6.0.3.6)
      bundler (>= 1.3.0)
      railties (= 6.0.3.6)
      sprockets-rails (>= 2.0.0)
    rails-dom-testing (2.0.3)
      activesupport (>= 4.2.0)
      nokogiri (>= 1.6)
    rails-html-sanitizer (1.4.3)
      loofah (~> 2.3)
    railties (6.0.3.6)
      actionpack (= 6.0.3.6)
      activesupport (= 6.0.3.6)
      method_source
      rake (>= 0.8.7)
      thor (>= 0.20.3, < 2.0)
    rake (13.0.6)
    ransack (2.5.0)
      activerecord (>= 5.2.4)
      activesupport (>= 5.2.4)
      i18n
    rash_alt (0.4.12)
      hashie (>= 3.4)
    razorpay (3.0.0)
      httparty (~> 0.14)
    redis (4.7.1)
    require_all (3.0.0)
    responders (3.0.1)
      actionpack (>= 5.0)
      railties (>= 5.0)
    rqrcode (2.1.2)
      chunky_png (~> 1.0)
      rqrcode_core (~> 1.0)
    rqrcode_core (1.2.0)
    ruby-next-core (0.15.2)
    ruby-vips (2.1.4)
      ffi (~> 1.12)
    ruby2_keywords (0.0.5)
    sassc (2.4.0)
      ffi (~> 1.9)
    sassc-rails (2.1.2)
      railties (>= 4.0.0)
      sassc (>= 2.0)
      sprockets (> 3.0)
      sprockets-rails
      tilt
    select2-rails (4.0.13)
    sidekiq (6.1.3)
      connection_pool (>= 2.2.2)
      rack (~> 2.0)
      redis (>= 4.2.0)
    sidekiq_alive (2.1.5)
      sidekiq
      webrick
    signet (0.17.0)
      addressable (~> 2.8)
      faraday (>= 0.17.5, < 3.a)
      jwt (>= 1.5, < 3.0)
      multi_json (~> 1.10)
    simple_po_parser (1.1.6)
    sixarm_ruby_unaccent (1.2.0)
    sniffer (0.5.0)
      anyway_config (>= 1.0)
      dry-initializer (~> 3)
    sprockets (4.1.1)
      concurrent-ruby (~> 1.0)
      rack (> 1, < 3)
    sprockets-rails (3.4.2)
      actionpack (>= 5.2)
      activesupport (>= 5.2)
      sprockets (>= 3.0.0)
    stripe (7.0.0)
    studio_store_ecommerce_account (0.0.18)
      bcrypt
      builder_base
      countries
      phonelib
      studio_store_ecommerce_json_web_token
      wisper
    studio_store_ecommerce_admin (0.0.80)
      builder_base
      devise
      studio_store_ecommerce_account
      studio_store_ecommerce_json_web_token
      studio_store_ecommerce_login
    studio_store_ecommerce_api_configuration (0.0.11)
      builder_base
      chunky_png
      oauth2
      rqrcode
    studio_store_ecommerce_banner (0.0.10)
      builder_base
    studio_store_ecommerce_cart (0.0.11)
      builder_base
      studio_store_ecommerce_account
      studio_store_ecommerce_json_web_token
      studio_store_ecommerce_login
    studio_store_ecommerce_catalogue (0.0.30)
      builder_base
      studio_store_ecommerce_account
      studio_store_ecommerce_categories_sub_categories
      studio_store_ecommerce_json_web_token
      studio_store_ecommerce_login
      studio_store_ecommerce_store_profile
    studio_store_ecommerce_categories_sub_categories (0.0.12)
      active_storage_validations
      builder_base
      image_processing
      mini_magick
      studio_store_ecommerce_json_web_token
    studio_store_ecommerce_contact_us (0.0.6)
      builder_base
      studio_store_ecommerce_account
      studio_store_ecommerce_json_web_token
      studio_store_ecommerce_login
    studio_store_ecommerce_cors (0.0.4)
      builder_base
    studio_store_ecommerce_coupon_code_generator (0.0.5)
      builder_base
      studio_store_ecommerce_account
      studio_store_ecommerce_json_web_token
      studio_store_ecommerce_login
    studio_store_ecommerce_dashboard (0.0.5)
      builder_base
      studio_store_ecommerce_account
      studio_store_ecommerce_json_web_token
      studio_store_ecommerce_login
    studio_store_ecommerce_email_notifications (0.0.12)
      builder_base
      studio_store_ecommerce_settings
    studio_store_ecommerce_fedex_integration (0.0.2)
      builder_base
    studio_store_ecommerce_file_upload (0.0.10)
      builder_base
    studio_store_ecommerce_filter_items (0.0.7)
      builder_base
      studio_store_ecommerce_account
      studio_store_ecommerce_catalogue
      studio_store_ecommerce_json_web_token
      studio_store_ecommerce_login
    studio_store_ecommerce_forgot_password (0.0.6)
      builder_base
      studio_store_ecommerce_account
      studio_store_ecommerce_json_web_token
      studio_store_ecommerce_login
    studio_store_ecommerce_help_center (0.0.6)
      builder_base
    studio_store_ecommerce_interactive_faqs (0.0.2)
      builder_base
      studio_store_ecommerce_json_web_token
    studio_store_ecommerce_json_web_token (0.0.2)
      builder_base
      jwt
    studio_store_ecommerce_login (0.0.6)
      builder_base
      studio_store_ecommerce_account
      studio_store_ecommerce_json_web_token
    studio_store_ecommerce_notification (0.0.7)
      builder_base
      fcm
      studio_store_ecommerce_account
      studio_store_ecommerce_json_web_token
      studio_store_ecommerce_login
    studio_store_ecommerce_notification_settings (0.0.1)
      builder_base
      studio_store_ecommerce_account
      studio_store_ecommerce_json_web_token
      studio_store_ecommerce_login
    studio_store_ecommerce_order_management (0.0.30)
      aasm
      builder_base
      studio_store_ecommerce_catalogue
    studio_store_ecommerce_payment_razorpay (0.0.6)
      builder_base
      razorpay
    studio_store_ecommerce_profile (0.0.3)
      builder_base
      studio_store_ecommerce_account
      studio_store_ecommerce_json_web_token
      studio_store_ecommerce_login
    studio_store_ecommerce_role_and_permission (0.0.8)
      builder_base
      cancancan
    studio_store_ecommerce_scheduling (0.0.4)
      builder_base
      studio_store_ecommerce_order_management
    studio_store_ecommerce_search (0.0.6)
      builder_base
      studio_store_ecommerce_account
      studio_store_ecommerce_categories_sub_categories
      studio_store_ecommerce_json_web_token
      studio_store_ecommerce_login
    studio_store_ecommerce_settings (0.0.16)
      builder_base
      friendly_id (~> 5.4.0)
      studio_store_ecommerce_admin
    studio_store_ecommerce_share (0.0.4)
      builder_base
      studio_store_ecommerce_catalogue
    studio_store_ecommerce_shipping_charge (0.0.5)
      builder_base
      studio_store_ecommerce_cart
      studio_store_ecommerce_order_management
      studio_store_ecommerce_zipcode
    studio_store_ecommerce_social_media_account (0.0.2)
      builder_base
      httpclient
      studio_store_ecommerce_account
      studio_store_ecommerce_json_web_token
    studio_store_ecommerce_sorting (0.0.1)
      builder_base
      studio_store_ecommerce_account
      studio_store_ecommerce_catalogue
      studio_store_ecommerce_json_web_token
      studio_store_ecommerce_login
    studio_store_ecommerce_store_profile (0.0.31)
      builder_base
    studio_store_ecommerce_stripe_integration (0.0.7)
      builder_base
      stripe
      studio_store_ecommerce_account
      studio_store_ecommerce_json_web_token
      studio_store_ecommerce_login
      studio_store_ecommerce_order_management
    studio_store_ecommerce_wishlist (0.0.8)
      builder_base
      studio_store_ecommerce_account
      studio_store_ecommerce_catalogue
      studio_store_ecommerce_json_web_token
      studio_store_ecommerce_login
    studio_store_ecommerce_zipcode (0.0.3)
      builder_base
    temple (0.8.2)
    terrapin (0.6.0)
      climate_control (>= 0.0.3, < 1.0)
    thor (1.2.1)
    thread_safe (0.3.6)
    tilt (2.0.11)
    tzinfo (1.2.10)
      thread_safe (~> 0.1)
    version_gem (1.1.0)
    warden (1.2.9)
      rack (>= 2.0.9)
    webrick (1.7.0)
    websocket-driver (0.7.5)
      websocket-extensions (>= 0.1.0)
    websocket-extensions (0.1.5)
    wicked_pdf (2.6.3)
      activesupport
    wisper (2.0.1)
    xdan-datetimepicker-rails (2.5.4)
      jquery-rails
      rails (>= 3.2.16)
    yabeda (0.11.0)
      anyway_config (>= 1.0, < 3)
      concurrent-ruby
      dry-initializer
    yabeda-http_requests (0.2.0)
      sniffer
      yabeda
    yabeda-prometheus (0.8.0)
      prometheus-client (>= 0.10, < 3.0)
      rack
      yabeda (~> 0.10)
    yabeda-puma-plugin (0.6.0)
      json
      puma
      yabeda (~> 0.5)
    yabeda-rails (0.8.1)
      activesupport
      anyway_config (>= 1.3, < 3)
      railties
      yabeda (~> 0.8)
    yabeda-sidekiq (0.8.1)
      anyway_config (>= 1.3, < 3)
      sidekiq
      yabeda (~> 0.6)
    zeitwerk (2.6.0)

PLATFORMS
  x86_64-linux

DEPENDENCIES
  active_admin_datetimepicker
  active_admin_role
  activeadmin (= 2.9.0)
  activeadmin-searchable_select
  activeadmin_addons (~> 1.8.2)
  activeadmin_json_editor
  activeadmin_quill_editor
  analytics-ruby (~> 2.4.0)
  arctic_admin
  aws-sdk-s3
  builder_base (= 0.0.47)
  bx_block_cors
  byebug
  ckeditor (~> 4.2.2)
  dotenv-rails
  haml
  humanize
  json-jwt
  pg (>= 0.18, < 2.0)
  puma (~> 4.1)
  rack-cors
  rails (~> 6.0.3, >= 6.0.3.6)
  sassc-rails
  sidekiq (~> 6.1.0)
  sidekiq_alive
  studio_store_ecommerce_account (= 0.0.18)
  studio_store_ecommerce_admin (= 0.0.80)
  studio_store_ecommerce_api_configuration (= 0.0.11)
  studio_store_ecommerce_banner (= 0.0.10)
  studio_store_ecommerce_cart (= 0.0.11)
  studio_store_ecommerce_catalogue (= 0.0.30)
  studio_store_ecommerce_categories_sub_categories (= 0.0.12)
  studio_store_ecommerce_contact_us (= 0.0.6)
  studio_store_ecommerce_cors (= 0.0.4)
  studio_store_ecommerce_coupon_code_generator (= 0.0.5)
  studio_store_ecommerce_dashboard (= 0.0.5)
  studio_store_ecommerce_email_notifications (= 0.0.12)
  studio_store_ecommerce_fedex_integration (= 0.0.2)
  studio_store_ecommerce_file_upload (= 0.0.10)
  studio_store_ecommerce_filter_items (= 0.0.7)
  studio_store_ecommerce_forgot_password (= 0.0.6)
  studio_store_ecommerce_help_center (= 0.0.6)
  studio_store_ecommerce_interactive_faqs (= 0.0.2)
  studio_store_ecommerce_json_web_token (= 0.0.2)
  studio_store_ecommerce_login (= 0.0.6)
  studio_store_ecommerce_notification (= 0.0.7)
  studio_store_ecommerce_notification_settings (= 0.0.1)
  studio_store_ecommerce_order_management (= 0.0.30)
  studio_store_ecommerce_payment_razorpay (= 0.0.6)
  studio_store_ecommerce_profile (= 0.0.3)
  studio_store_ecommerce_role_and_permission (= 0.0.8)
  studio_store_ecommerce_scheduling (= 0.0.4)
  studio_store_ecommerce_search (= 0.0.6)
  studio_store_ecommerce_settings (= 0.0.16)
  studio_store_ecommerce_share (= 0.0.4)
  studio_store_ecommerce_shipping_charge (= 0.0.5)
  studio_store_ecommerce_social_media_account (= 0.0.2)
  studio_store_ecommerce_sorting (= 0.0.1)
  studio_store_ecommerce_store_profile (= 0.0.31)
  studio_store_ecommerce_stripe_integration (= 0.0.7)
  studio_store_ecommerce_wishlist (= 0.0.8)
  studio_store_ecommerce_zipcode (= 0.0.3)
  tzinfo-data
  wicked_pdf
  yabeda-http_requests
  yabeda-prometheus
  yabeda-puma-plugin
  yabeda-rails
  yabeda-sidekiq

RUBY VERSION
   ruby 2.6.5p114

BUNDLED WITH
   2.3.6
